GEM
  remote: https://rubygems.org/
  specs:
    jwt (1.5.6)
    openssl (2.0.3)

PLATFORMS
  ruby

DEPENDENCIES
  jwt
  openssl

BUNDLED WITH
   1.14.6
